GEM
  remote: http://rubygems.org/
  specs:
    colored (1.2)
    cri (2.5.0)
      colored (~> 1.2)
    kramdown (1.3.3)
    nanoc (3.6.8)
      cri (~> 2.3)

PLATFORMS
  ruby

DEPENDENCIES
  kramdown
  nanoc

RUBY VERSION
   ruby 2.6.5p114

BUNDLED WITH
   1.17.3
